GEM
  remote: https://rubygems.org/
  specs:
    httparty (0.21.0)
      mini_mime (>= 1.0.0)
      multi_xml (>= 0.5.2)
    mini_mime (1.1.2)
    mini_portile2 (2.4.0)
    multi_xml (0.6.0)
    mustermann (1.0.3)
    nokogiri (1.10.3)
      mini_portile2 (~> 2.4.0)
    rack (2.0.7)
    rack-protection (2.0.5)
      rack
    sinatra (2.0.5)
      mustermann (~> 1.0)
      rack (~> 2.0)
      rack-protection (= 2.0.5)
      tilt (~> 2.0)
    tilt (2.0.9)

PLATFORMS
  ruby

DEPENDENCIES
  httparty (= 0.21.0)
  nokogiri (~> 1.6, >= 1.6.8)
  sinatra (~> 2.0)

RUBY VERSION
   ruby 2.6.3p62

BUNDLED WITH
   2.0.2
